PATH
  remote: .
  specs:
    hiera-browser (1.2.3)
      awesome_print (= 1.2.0)
      dotenv (~> 0)
      hiera (= 1.3.2)
      sinatra (~> 1.4, >= 1.4.5)
      slim (~> 0)
      tilt (= 1.4.1)

GEM
  remote: https://rubygems.org/
  specs:
    CFPropertyList (2.2.8)
    activesupport (4.1.1)
      i18n (~> 0.6, >= 0.6.9)
      json (~> 1.7, >= 1.7.7)
      minitest (~> 5.1)
      thread_safe (~> 0.1)
      tzinfo (~> 1.1)
    awesome_print (1.2.0)
    builder (3.2.2)
    capybara (2.2.1)
      mime-types (>= 1.16)
      nokogiri (>= 1.3.3)
      rack (>= 1.0.0)
      rack-test (>= 0.5.4)
      xpath (~> 2.0)
    ci_reporter (1.9.2)
      builder (>= 2.1.2)
    coderay (1.1.0)
    cucumber (1.3.15)
      builder (>= 2.1.2)
      diff-lcs (>= 1.1.3)
      gherkin (~> 2.12)
      multi_json (>= 1.7.5, < 2.0)
      multi_test (>= 0.1.1)
    diff-lcs (1.2.5)
    dotenv (0.11.1)
      dotenv-deployment (~> 0.0.2)
    dotenv-deployment (0.0.2)
    facter (2.0.1)
      CFPropertyList (~> 2.2.6)
    factory_girl (4.4.0)
      activesupport (>= 3.0.0)
    ffi (1.9.3)
    gherkin (2.12.2)
      multi_json (~> 1.3)
    guard (0.10.0)
      ffi (>= 0.5.0)
      thor (~> 0.14.6)
    guard-rspec (0.7.3)
      guard (>= 0.10.0)
    hiera (1.3.2)
      json_pure
    i18n (0.6.9)
    json (1.8.1)
    json_pure (1.8.1)
    liquid (2.6.1)
    lookout-rack-test (2.0.0)
      capybara (~> 2.x)
      ci_reporter
      cucumber
      factory_girl
      liquid
      nokogiri
      parallel_tests
      rack-test
      rspec (~> 2.12)
      timecop
    method_source (0.8.2)
    mime-types (2.2)
    mini_portile (0.6.0)
    minitest (5.3.4)
    multi_json (1.10.1)
    multi_test (0.1.1)
    nokogiri (1.6.2.1)
      mini_portile (= 0.6.0)
    parallel (1.0.0)
    parallel_tests (0.16.10)
      parallel
    pry (0.9.12.6)
      coderay (~> 1.0)
      method_source (~> 0.8)
      slop (~> 3.4)
    pry-doc (0.6.0)
      pry (~> 0.9)
      yard (~> 0.8)
    puma (2.8.2)
      rack (>= 1.1, < 2.0)
    puppet (3.6.0)
      facter (> 1.6, < 3)
      hiera (~> 1.0)
      json_pure
      rgen (~> 0.6.5)
    rack (1.5.2)
    rack-protection (1.5.3)
      rack
    rack-test (0.6.2)
      rack (>= 1.0)
    racksh (1.0.0)
      rack (>= 1.0)
      rack-test (>= 0.5)
    rake (0.9.6)
    redcarpet (3.1.2)
    rgen (0.6.6)
    rspec (2.14.1)
      rspec-core (~> 2.14.0)
      rspec-expectations (~> 2.14.0)
      rspec-mocks (~> 2.14.0)
    rspec-core (2.14.8)
    rspec-expectations (2.14.5)
      diff-lcs (>= 1.1.3, < 2.0)
    rspec-mocks (2.14.6)
    shotgun (0.9)
      rack (>= 1.0)
    simplecov (0.7.1)
      multi_json (~> 1.0)
      simplecov-html (~> 0.7.1)
    simplecov-html (0.7.1)
    sinatra (1.4.5)
      rack (~> 1.4)
      rack-protection (~> 1.4)
      tilt (~> 1.3, >= 1.3.4)
    slim (0.9.4)
      temple (~> 0.3.0)
      tilt (~> 1.2)
    slop (3.5.0)
    temple (0.3.5)
    thor (0.14.6)
    thread_safe (0.3.3)
    tilt (1.4.1)
    timecop (0.7.1)
    tzinfo (1.1.0)
      thread_safe (~> 0.1)
    xpath (2.0.0)
      nokogiri (~> 1.3)
    yard (0.8.7.4)

PLATFORMS
  ruby

DEPENDENCIES
  guard (~> 0)
  guard-rspec (~> 0)
  hiera-browser!
  lookout-rack-test (~> 2.0)
  pry (= 0.9.12.6)
  pry-doc (~> 0)
  puma (~> 2.8, >= 2.8.2)
  puppet (~> 3)
  racksh (~> 1.0.0)
  rake (~> 0)
  redcarpet (~> 3)
  shotgun (~> 0)
  simplecov (~> 0.7, >= 0.7.1)
  yard (~> 0)
